GEM
  remote: https://rubygems.org/
  specs:
    crass (1.0.4)
    daemons (1.2.6)
    dotenv (2.5.0)
    eventmachine (1.2.7)
    mini_portile2 (2.3.0)
    mustermann (1.0.3)
    net-ldap (0.16.1)
    nokogiri (1.8.4)
      mini_portile2 (~> 2.3.0)
    nokogumbo (1.5.0)
      nokogiri
    rack (2.0.5)
    rack-protection (2.0.4)
      rack
    sanitize (4.6.6)
      crass (~> 1.0.2)
      nokogiri (>= 1.4.4)
      nokogumbo (~> 1.4)
    sinatra (2.0.4)
      mustermann (~> 1.0)
      rack (~> 2.0)
      rack-protection (= 2.0.4)
      tilt (~> 2.0)
    slim (4.0.1)
      temple (>= 0.7.6, < 0.9)
      tilt (>= 2.0.6, < 2.1)
    temple (0.8.0)
    thin (1.7.2)
      daemons (~> 1.0, >= 1.0.9)
      eventmachine (~> 1.0, >= 1.0.4)
      rack (>= 1, < 3)
    tilt (2.0.8)

PLATFORMS
  ruby

DEPENDENCIES
  dotenv (~> 2.5.0)
  net-ldap (~> 0.16.1)
  sanitize (~> 4.6.6)
  sinatra (~> 2.0.3)
  slim (~> 4.0.1)
  thin (~> 1.7.2)

RUBY VERSION
   ruby 2.5.1p57

BUNDLED WITH
   1.16.1
